GEM
  remote: https://rubygems.org/
  specs:
    sass (3.4.22)
    slim (2.1.0)
      temple (~> 0.6.9)
      tilt (>= 1.3.3, < 2.1)
    temple (0.6.10)
    tilt (2.0.5)

PLATFORMS
  ruby

DEPENDENCIES
  sass (>= 3.4)
  slim (= 2.1.0)

BUNDLED WITH
   1.11.2
