GEM
  remote: https://rubygems.org/
  specs:
    sass (3.4.22)
    slim (3.0.7)
      temple (~> 0.7.6)
      tilt (>= 1.3.3, < 2.1)
    temple (0.7.7)
    tilt (2.0.5)

PLATFORMS
  ruby

DEPENDENCIES
  sass (>= 3.4)
  slim (>= 3.0.2)

BUNDLED WITH
   1.11.2
